PATH
  remote: .
  specs:
    Random_Facts_Generator (0.1.0)

GEM
  remote: https://rubygems.org/
  specs:
    bcrypt (3.1.16)
    nokogiri (1.13.3-x64-mingw32)
      racc (~> 1.4)
    open-uri (0.1.0)
    racc (1.6.0)
    rake (12.3.3)

PLATFORMS
  x64-mingw32

DEPENDENCIES
  Random_Facts_Generator!
  bcrypt
  nokogiri (~> 1.12, >= 1.12.5)
  open-uri (~> 0.1.0)
  rake (~> 12.0)

BUNDLED WITH
   2.1.4
